PATH
  remote: .
  specs:
    factor-connector-travis (0.0.1)
      factor-connector-api (~> 0.0.1)
      travis (= 1.6.9)

GEM
  remote: https://rubygems.org/
  specs:
    addressable (2.3.6)
    backports (3.6.1)
    coderay (1.1.0)
    ethon (0.7.1)
      ffi (>= 1.3.0)
    factor-connector-api (0.0.1)
    faraday (0.8.9)
      multipart-post (~> 1.2.0)
    faraday_middleware (0.9.1)
      faraday (>= 0.7.4, < 0.10)
    ffi (1.9.3)
    gh (0.13.2)
      addressable
      backports
      faraday (~> 0.8)
      multi_json (~> 1.0)
      net-http-persistent (>= 2.7)
      net-http-pipeline
    highline (1.6.21)
    json (1.8.1)
    launchy (2.4.2)
      addressable (~> 2.3)
    method_source (0.8.2)
    multi_json (1.10.1)
    multipart-post (1.2.0)
    net-http-persistent (2.9.4)
    net-http-pipeline (1.0.1)
    pry (0.10.0)
      coderay (~> 1.1.0)
      method_source (~> 0.8.1)
      slop (~> 3.4)
    pusher-client (0.6.0)
      json
      websocket (~> 1.0)
    slop (3.5.0)
    travis (1.6.9)
      addressable (~> 2.3)
      backports
      faraday (~> 0.8.7)
      faraday_middleware (~> 0.9)
      gh (~> 0.13)
      highline (~> 1.6)
      launchy (~> 2.1)
      pry (~> 0.9)
      pusher-client (~> 0.4)
      typhoeus (~> 0.6)
    typhoeus (0.6.9)
      ethon (>= 0.7.1)
    websocket (1.2.0)

PLATFORMS
  ruby

DEPENDENCIES
  factor-connector-travis!
