PATH
  remote: .
  specs:
    factor-connector-travis (0.0.2)
      factor-connector-api (~> 0.0.14)
      travis (~> 1.7.5)

GEM
  remote: https://rubygems.org/
  specs:
    addressable (2.3.6)
    backports (3.6.4)
    celluloid (0.16.0)
      timers (~> 4.0.0)
    coderay (1.1.0)
    ethon (0.7.2)
      ffi (>= 1.3.0)
    factor-connector-api (0.0.14)
      celluloid (~> 0.16.0)
    faraday (0.9.1)
      multipart-post (>= 1.2, < 3)
    faraday_middleware (0.9.1)
      faraday (>= 0.7.4, < 0.10)
    ffi (1.9.6)
    gh (0.14.0)
      addressable
      backports
      faraday (~> 0.8)
      multi_json (~> 1.0)
      net-http-persistent (>= 2.7)
      net-http-pipeline
    highline (1.6.21)
    hitimes (1.2.2)
    json (1.8.2)
    launchy (2.4.3)
      addressable (~> 2.3)
    method_source (0.8.2)
    multi_json (1.10.1)
    multipart-post (2.0.0)
    net-http-persistent (2.9.4)
    net-http-pipeline (1.0.1)
    pry (0.9.12.6)
      coderay (~> 1.0)
      method_source (~> 0.8)
      slop (~> 3.4)
    pusher-client (0.6.0)
      json
      websocket (~> 1.0)
    slop (3.6.0)
    timers (4.0.1)
      hitimes
    travis (1.7.5)
      addressable (~> 2.3)
      backports
      faraday (~> 0.9)
      faraday_middleware (~> 0.9, >= 0.9.1)
      gh (~> 0.13)
      highline (~> 1.6)
      launchy (~> 2.1)
      pry (~> 0.9, < 0.10)
      pusher-client (~> 0.4)
      typhoeus (~> 0.6, >= 0.6.8)
    typhoeus (0.7.0)
      ethon (>= 0.7.1)
    websocket (1.2.1)

PLATFORMS
  ruby

DEPENDENCIES
  factor-connector-travis!
